GIT
  remote: https://github.com/CocoaPods/CocoaPods.git
  revision: 4fdb40b0b1389b4e83fa6144691c673a770abf3c
  specs:
    cocoapods (1.0.1)
      activesupport (>= 4.0.2)
      claide (>= 1.0.0, < 2.0)
      cocoapods-core (= 1.0.1)
      cocoapods-deintegrate (>= 1.0.0, < 2.0)
      cocoapods-downloader (>= 1.0.0, < 2.0)
      cocoapods-plugins (>= 1.0.0, < 2.0)
      cocoapods-search (>= 1.0.0, < 2.0)
      cocoapods-stats (>= 1.0.0, < 2.0)
      cocoapods-trunk (>= 1.0.0, < 2.0)
      cocoapods-try (>= 1.0.0, < 2.0)
      colored (~> 1.2)
      escape (~> 0.0.4)
      fourflusher (~> 1.0.1)
      molinillo (~> 0.5.0)
      nap (~> 1.0)
      xcodeproj (>= 1.1.0, < 2.0)

GIT
  remote: https://github.com/CocoaPods/Core.git
  revision: 56a87a1597533b33e7467f92429a0aded4f32ef0
  specs:
    cocoapods-core (1.0.1)
      activesupport (>= 4.0.2)
      fuzzy_match (~> 2.0.4)
      nap (~> 1.0)

GIT
  remote: https://github.com/CocoaPods/Xcodeproj.git
  revision: fe71b7d4a7ba2b285fa49476e30d289f2a80b206
  specs:
    xcodeproj (1.1.0)
      activesupport (>= 3)
      claide (>= 1.0.0, < 2.0)
      colored (~> 1.2)

GIT
  remote: https://github.com/CocoaPods/cocoapods-downloader.git
  revision: 5d85a154e91d0bdfe40ab6faa8a27df31013b6b9
  specs:
    cocoapods-downloader (1.0.1)

GEM
  remote: https://rubygems.org/
  specs:
    activesupport (4.2.6)
      i18n (~> 0.7)
      json (~> 1.7, >= 1.7.7)
      minitest (~> 5.1)
      thread_safe (~> 0.3, >= 0.3.4)
      tzinfo (~> 1.1)
    claide (1.0.0)
    cocoapods-deintegrate (1.0.0)
    cocoapods-plugins (1.0.0)
      nap
    cocoapods-search (1.0.0)
    cocoapods-stats (1.0.0)
    cocoapods-trunk (1.0.0)
      nap (>= 0.8, < 2.0)
      netrc (= 0.7.8)
    cocoapods-try (1.0.0)
    colored (1.2)
    escape (0.0.4)
    fourflusher (1.0.1)
    fuzzy_match (2.0.4)
    i18n (0.7.0)
    json (1.8.3)
    minitest (5.9.0)
    molinillo (0.5.0)
    nap (1.1.0)
    netrc (0.7.8)
    thread_safe (0.3.5)
    tzinfo (1.2.2)
      thread_safe (~> 0.1)

PLATFORMS
  ruby

DEPENDENCIES
  activesupport (~> 4.2.6)
  cocoapods!
  cocoapods-core!
  cocoapods-downloader!
  xcodeproj!

BUNDLED WITH
   1.12.5
